PATH
  remote: .
  specs:
    degica_datadog (0.1.0)
      datadog (~> 2.0)
      datadog-ci (~> 1.0)
      dogstatsd-ruby (~> 5)

GEM
  remote: https://rubygems.org/
  specs:
    ast (2.4.2)
    datadog (2.2.0)
      debase-ruby_core_source (= 3.3.1)
      libdatadog (~> 10.0.0.1.0)
      libddwaf (~> 1.14.0.0.0)
      msgpack
    datadog-ci (1.3.0)
      datadog (~> 2.2)
      msgpack
    debase-ruby_core_source (3.3.1)
    diff-lcs (1.5.0)
    docile (1.4.1)
    dogstatsd-ruby (5.6.1)
    ffi (1.17.0)
    json (2.7.1)
    language_server-protocol (3.17.0.3)
    libdatadog (10.0.0.1.0)
    libddwaf (1.14.0.0.0)
      ffi (~> 1.0)
    msgpack (1.7.2)
    parallel (1.23.0)
    parser (3.2.2.4)
      ast (~> 2.4.1)
      racc
    racc (1.7.3)
    rainbow (3.1.1)
    regexp_parser (2.8.3)
    rexml (3.2.6)
    rspec (3.12.0)
      rspec-core (~> 3.12.0)
      rspec-expectations (~> 3.12.0)
      rspec-mocks (~> 3.12.0)
    rspec-core (3.12.2)
      rspec-support (~> 3.12.0)
    rspec-expectations (3.12.3)
      diff-lcs (>= 1.2.0, < 2.0)
      rspec-support (~> 3.12.0)
    rspec-mocks (3.12.6)
      diff-lcs (>= 1.2.0, < 2.0)
      rspec-support (~> 3.12.0)
    rspec-support (3.12.1)
    rubocop (1.59.0)
      json (~> 2.3)
      language_server-protocol (>= 3.17.0)
      parallel (~> 1.10)
      parser (>= 3.2.2.4)
      rainbow (>= 2.2.2, < 4.0)
      regexp_parser (>= 1.8, < 3.0)
      rexml (>= 3.2.5, < 4.0)
      rubocop-ast (>= 1.30.0, < 2.0)
      ruby-progressbar (~> 1.7)
      unicode-display_width (>= 2.4.0, < 3.0)
    rubocop-ast (1.30.0)
      parser (>= 3.2.1.0)
    ruby-progressbar (1.13.0)
    simplecov (0.22.0)
      docile (~> 1.1)
      simplecov-html (~> 0.11)
      simplecov_json_formatter (~> 0.1)
    simplecov-cobertura (2.1.0)
      rexml
      simplecov (~> 0.19)
    simplecov-html (0.12.3)
    simplecov_json_formatter (0.1.4)
    unicode-display_width (2.5.0)

PLATFORMS
  ruby

DEPENDENCIES
  bundler (~> 2.0)
  degica_datadog!
  rspec (~> 3.0)
  rubocop
  simplecov
  simplecov-cobertura

BUNDLED WITH
   2.5.17
